GEM
  remote: https://rubygems.org/
  specs:
    CFPropertyList (2.2.8)
    coderay (1.1.0)
    diff-lcs (1.1.3)
    facter (2.4.4)
      CFPropertyList (~> 2.2.6)
    hiera (2.0.0)
      json_pure
    json (1.8.3)
    json_pure (1.8.2)
    metaclass (0.0.4)
    metadata-json-lint (0.0.6)
      json
      spdx-licenses (~> 1.0)
    method_source (0.8.2)
    mocha (0.10.5)
      metaclass (~> 0.0.1)
    pry (0.10.1)
      coderay (~> 1.1.0)
      method_source (~> 0.8.1)
      slop (~> 3.4)
    pry-doc (0.6.0)
      pry (~> 0.9)
      yard (~> 0.8)
    puppet (4.1.0)
      facter (> 2.0, < 4)
      hiera (>= 2.0, < 3)
      json_pure
    puppet-lint (1.1.0)
    puppet-syntax (2.0.0)
      rake
    puppet_module_spec_helper (0.2.0)
      mocha (= 0.10.5)
      rake
      rspec (= 2.9.0)
      rspec-puppet (>= 0.1.1)
    puppetlabs_spec_helper (0.10.3)
      mocha
      puppet-lint
      puppet-syntax
      rake
      rspec-puppet
    rake (10.4.2)
    rspec (2.9.0)
      rspec-core (~> 2.9.0)
      rspec-expectations (~> 2.9.0)
      rspec-mocks (~> 2.9.0)
    rspec-core (2.9.0)
    rspec-expectations (2.9.1)
      diff-lcs (~> 1.1.3)
    rspec-mocks (2.9.0)
    rspec-puppet (2.2.0)
      rspec
    slop (3.6.0)
    spdx-licenses (1.0.0)
      json
    yard (0.8.7.6)

PLATFORMS
  ruby

DEPENDENCIES
  metadata-json-lint
  mocha
  pry
  pry-doc
  puppet
  puppet-lint
  puppet_module_spec_helper
  puppetlabs_spec_helper
  rspec

BUNDLED WITH
   1.10.2
